PATH
  remote: ../paperback
  specs:
    paperback (0.0.1)
      activesupport (~> 4.1.5)
      cocaine (~> 0.5.4)
      coderay (~> 1.1.0)
      kindlegen (~> 2.9.1)
      launchy (~> 2.4.3)
      nokogiri (~> 1.6.3.1)
      pdf-reader (~> 1.3.3)
      redcarpet (~> 3.1.2)
      rmagick (~> 2.13.3)
      sinatra (~> 1.4.5)
      terminal-table (~> 1.4.5)
      thor (~> 0.19.1)

GEM
  remote: https://rubygems.org/
  specs:
    Ascii85 (1.0.2)
    activesupport (4.1.8)
      i18n (~> 0.6, >= 0.6.9)
      json (~> 1.7, >= 1.7.7)
      minitest (~> 5.1)
      thread_safe (~> 0.1)
      tzinfo (~> 1.1)
    addressable (2.3.6)
    afm (0.2.2)
    climate_control (0.0.3)
      activesupport (>= 3.0)
    cocaine (0.5.5)
      climate_control (>= 0.0.3, < 1.0)
    coderay (1.1.0)
    hashery (2.1.1)
    i18n (0.7.0)
    json (1.8.1)
    kindlegen (2.9.4)
    launchy (2.4.3)
      addressable (~> 2.3)
    mini_portile (0.6.0)
    minitest (5.5.0)
    nokogiri (1.6.3.1)
      mini_portile (= 0.6.0)
    pdf-reader (1.3.3)
      Ascii85 (~> 1.0.0)
      afm (~> 0.2.0)
      hashery (~> 2.0)
      ruby-rc4
      ttfunk
    rack (1.6.0)
    rack-protection (1.5.3)
      rack
    redcarpet (3.1.2)
    rmagick (2.13.4)
    ruby-rc4 (0.1.5)
    sinatra (1.4.5)
      rack (~> 1.4)
      rack-protection (~> 1.4)
      tilt (~> 1.3, >= 1.3.4)
    terminal-table (1.4.5)
    thor (0.19.1)
    thread_safe (0.3.4)
    tilt (1.4.1)
    ttfunk (1.4.0)
    tzinfo (1.2.2)
      thread_safe (~> 0.1)

PLATFORMS
  ruby

DEPENDENCIES
  paperback!
